GEM
  remote: https://rubygems.org/
  specs:
    activesupport (3.2.13)
      i18n (= 0.6.1)
      multi_json (~> 1.0)
    awesome_print (1.1.0)
    daemons (1.1.9)
    eventmachine (1.0.3)
    hiredis (0.4.5)
    i18n (0.6.1)
    json (1.7.7)
    multi_json (1.7.2)
    rack (1.4.5)
    rack-protection (1.5.0)
      rack
    redis (3.0.3)
    sinatra (1.3.6)
      rack (~> 1.4)
      rack-protection (~> 1.3)
      tilt (~> 1.3, >= 1.3.3)
    thin (1.5.1)
      daemons (>= 1.0.9)
      eventmachine (>= 0.12.6)
      rack (>= 1.0.0)
    tilt (1.3.6)

PLATFORMS
  ruby

DEPENDENCIES
  activesupport
  awesome_print
  hiredis
  json
  redis
  sinatra
  thin
